GEM
  remote: http://rubygems.org/
  specs:
    activesupport (3.2.8)
      i18n (~> 0.6)
      multi_json (~> 1.0)
    i18n (0.6.1)
    multi_json (1.3.6)
    pg (0.14.1)
    rake (0.9.2.2)
    redcarpet (2.1.1)
    yard (0.8.2.1)

PLATFORMS
  ruby

DEPENDENCIES
  activesupport (>= 3.0.0)
  pg (>= 0.11)
  rake
  redcarpet
  yard
